PATH
  remote: .
  specs:
    crc32 (0.0.1)

GEM
  remote: https://rubygems.org/
  specs:
    rake (10.5.0)

PLATFORMS
  ruby

DEPENDENCIES
  bundler (~> 1.7)
  crc32!
  rake (~> 10.0)

BUNDLED WITH
   1.11.2
